PATH
  remote: .
  specs:
    rforce (0.11)
      builder (~> 3.0)
      oauth (~> 0.4)

GEM
  remote: https://rubygems.org/
  specs:
    builder (3.1.4)
    diff-lcs (1.1.3)
    hoe (2.13.0)
      rake (~> 0.8)
    hoe-gemspec2 (1.1.0)
      hoe
    hpricot (0.8.6)
    json (1.6.3)
    nokogiri (1.5.2)
    oauth (0.4.7)
    rake (0.9.2.2)
    rdoc (3.12)
      json (~> 1.4)
    rspec (2.8.0)
      rspec-core (~> 2.8.0)
      rspec-expectations (~> 2.8.0)
      rspec-mocks (~> 2.8.0)
    rspec-core (2.8.0)
    rspec-expectations (2.8.0)
      diff-lcs (~> 1.1.2)
    rspec-mocks (2.8.0)
    xmlparser (0.7.2.1)

PLATFORMS
  ruby

DEPENDENCIES
  hoe (~> 2.13)
  hoe-gemspec2 (~> 1.1)
  hpricot (~> 0.8)
  nokogiri (~> 1.5)
  rdoc (~> 3.10)
  rforce!
  rspec (~> 2.8)
  xmlparser (~> 0.7)
